GEM
  remote: https://rubygems.org/
  specs:
    commander (4.3.2)
      highline (~> 1.7.1)
    docile (1.1.5)
    highline (1.7.1)
    multi_json (1.11.0)
    simplecov (0.9.2)
      docile (~> 1.1.0)
      multi_json (~> 1.0)
      simplecov-html (~> 0.9.0)
    simplecov-html (0.9.0)

PLATFORMS
  ruby

DEPENDENCIES
  commander
  simplecov
